GEM
  remote: https://rubygems.org/
  specs:
    mini_magick (4.1.0)

PLATFORMS
  ruby

DEPENDENCIES
  mini_magick
